GEM
  remote: https://rubygems.org/
  specs:
    dotenv (3.1.4)
    json (2.8.2)
    nio4r (2.7.4)
    pg (1.5.9-x64-mingw-ucrt)
    puma (6.4.3)
      nio4r (~> 2.0)
    rack (3.1.8)
    rackup (2.2.1)
      rack (>= 3)

PLATFORMS
  x64-mingw-ucrt

DEPENDENCIES
  dotenv
  json (~> 2.8, >= 2.8.2)
  pg (~> 1.5, >= 1.5.9)
  puma (~> 6.4, >= 6.4.3)
  rack (~> 3.1, >= 3.1.8)
  rackup (~> 2.2, >= 2.2.1)

BUNDLED WITH
   2.5.23
