GEM
  remote: https://rubygems.org/
  specs:
    async (2.20.0)
      console (~> 1.29)
      fiber-annotation
      io-event (~> 1.6, >= 1.6.5)
    console (1.29.0)
      fiber-annotation
      fiber-local (~> 1.1)
      json
    diff-lcs (1.5.1)
    dotenv (3.1.4)
    fiber-annotation (0.2.0)
    fiber-local (1.1.0)
      fiber-storage
    fiber-storage (1.0.0)
    io-event (1.7.3)
    json (2.8.2)
    nio4r (2.7.4)
    pg (1.5.9-x64-mingw-ucrt)
    puma (6.4.3)
      nio4r (~> 2.0)
    rack (3.1.8)
    rack-test (2.1.0)
      rack (>= 1.3)
    rackup (2.2.1)
      rack (>= 3)
    rspec (3.13.0)
      rspec-core (~> 3.13.0)
      rspec-expectations (~> 3.13.0)
      rspec-mocks (~> 3.13.0)
    rspec-core (3.13.2)
      rspec-support (~> 3.13.0)
    rspec-expectations (3.13.3)
      diff-lcs (>= 1.2.0, < 2.0)
      rspec-support (~> 3.13.0)
    rspec-mocks (3.13.2)
      diff-lcs (>= 1.2.0, < 2.0)
      rspec-support (~> 3.13.0)
    rspec-support (3.13.1)

PLATFORMS
  x64-mingw-ucrt

DEPENDENCIES
  async (~> 2.20)
  dotenv
  json (~> 2.8, >= 2.8.2)
  pg (~> 1.5, >= 1.5.9)
  puma (~> 6.4, >= 6.4.3)
  rack (~> 3.1, >= 3.1.8)
  rack-test
  rackup (~> 2.2, >= 2.2.1)
  rspec

BUNDLED WITH
   2.5.23
